GEM
  remote: https://rubygems.org/
  specs:
    minitest (5.12.2)

PLATFORMS
  ruby

DEPENDENCIES
  minitest (~> 5.4)

BUNDLED WITH
   2.0.1
